GIT
  remote: http://github.com/sanger/psd_logger.git
  revision: dd2d634114df75b1d8535715c169a7fc99521389
  specs:
    psd_logger (0.1.6)

GIT
  remote: https://github.com/sanger/lims-busclient.git
  revision: d276ded954920fc9206e89f593189728bbdc2101
  branch: uat
  specs:
    lims-busclient (0.4.0.rc1)
      aequitas
      amqp
      facets
      virtus

PATH
  remote: .
  specs:
    lims-warehousebuilder (1.0.3.rc1)
      aequitas
      amqp
      facets
      mysql2
      rake
      sequel
      virtus

GEM
  remote: http://www.rubygems.org/
  specs:
    aequitas (0.0.2)
    amq-client (1.0.2)
      amq-protocol (>= 1.2.0)
      eventmachine
    amq-protocol (1.8.0)
    amqp (1.0.2)
      amq-client (~> 1.0.2)
      amq-protocol (>= 1.3.0)
      eventmachine
    backports (3.3.5)
    bond (0.4.3)
    columnize (0.3.6)
    debugger (1.6.1)
      columnize (>= 0.3.1)
      debugger-linecache (~> 1.2.0)
      debugger-ruby_core_source (~> 1.2.3)
    debugger-completion (1.0.0)
      bond (>= 0.4.2)
      debugger (~> 1.1)
    debugger-linecache (1.2.0)
    debugger-ruby_core_source (1.2.3)
    descendants_tracker (0.0.3)
    diff-lcs (1.1.3)
    eventmachine (1.0.3)
    facets (2.9.3)
    mysql2 (0.3.13)
    rack (1.5.2)
    rake (10.1.0)
    rspec (2.8.0)
      rspec-core (~> 2.8.0)
      rspec-expectations (~> 2.8.0)
      rspec-mocks (~> 2.8.0)
    rspec-core (2.8.0)
    rspec-expectations (2.8.0)
      diff-lcs (~> 1.1.2)
    rspec-mocks (2.8.0)
    sequel (4.3.0)
    shotgun (0.9)
      rack (>= 1.0)
    timecop (0.6.3)
    virtus (0.5.5)
      backports (~> 3.3)
      descendants_tracker (~> 0.0.1)
    yard (0.8.7)
    yard-rspec (0.1)
      yard

PLATFORMS
  ruby

DEPENDENCIES
  debugger
  debugger-completion
  lims-busclient (~> 0.4.0.rc1)!
  lims-warehousebuilder!
  psd_logger!
  rspec (~> 2.8.0)
  shotgun
  timecop
  yard (>= 0.7.0)
  yard-rspec (= 0.1)
