GIT
  remote: http://github.com/sanger/lims-core.git
  revision: c5eafa55e733b34be7ffcfd10662e3c766394809
  branch: uat
  specs:
    lims-core (2.5.0.pre)
      active_support
      aequitas
      bunny (= 0.9.0.pre10)
      dm-validations
      facets (= 2.9.3)
      sequel
      state_machine
      uuid
      virtus (= 0.2.0)

GIT
  remote: http://github.com/sanger/lims-laboratory-app.git
  revision: ecb4d83b31f8f8f719515b3b163751415a2300e1
  branch: uat
  specs:
    lims-laboratory-app (2.5.3.pre)

GIT
  remote: http://github.com/sanger/psd_logger.git
  revision: dd2d634114df75b1d8535715c169a7fc99521389
  specs:
    psd_logger (0.1.6)

GIT
  remote: https://github.com/sanger/lims-busclient.git
  revision: d276ded954920fc9206e89f593189728bbdc2101
  branch: uat
  specs:
    lims-busclient (0.4.0.rc1)
      aequitas
      amqp
      facets
      virtus

PATH
  remote: .
  specs:
    lims-warehousebuilder (1.0.1.pre)
      aequitas
      amqp
      facets
      mysql2
      rake
      sequel
      virtus

GEM
  remote: http://www.rubygems.org/
  specs:
    active_support (3.0.0)
      activesupport (= 3.0.0)
    activesupport (3.0.0)
    addressable (2.3.5)
    aequitas (0.0.2)
    amq-client (1.0.2)
      amq-protocol (>= 1.2.0)
      eventmachine
    amq-protocol (1.6.0)
    amqp (1.0.2)
      amq-client (~> 1.0.2)
      amq-protocol (>= 1.3.0)
      eventmachine
    bond (0.4.3)
    bunny (0.9.0.pre10)
      amq-protocol (>= 1.4.0)
    columnize (0.3.6)
    debugger (1.5.0)
      columnize (>= 0.3.1)
      debugger-linecache (~> 1.2.0)
      debugger-ruby_core_source (~> 1.2.0)
    debugger-completion (1.0.0)
      bond (>= 0.4.2)
      debugger (~> 1.1)
    debugger-linecache (1.2.0)
    debugger-ruby_core_source (1.2.0)
    diff-lcs (1.1.3)
    dm-core (1.2.1)
      addressable (~> 2.3)
    dm-validations (1.2.0)
      dm-core (~> 1.2.0)
    eventmachine (1.0.3)
    facets (2.9.3)
    macaddr (1.6.1)
      systemu (~> 2.5.0)
    mysql2 (0.3.13)
    rack (1.5.2)
    rake (10.1.0)
    rspec (2.8.0)
      rspec-core (~> 2.8.0)
      rspec-expectations (~> 2.8.0)
      rspec-mocks (~> 2.8.0)
    rspec-core (2.8.0)
    rspec-expectations (2.8.0)
      diff-lcs (~> 1.1.2)
    rspec-mocks (2.8.0)
    sequel (3.47.0)
    shotgun (0.9)
      rack (>= 1.0)
    state_machine (1.2.0)
    systemu (2.5.2)
    timecop (0.6.1)
    uuid (2.3.7)
      macaddr (~> 1.0)
    virtus (0.2.0)
    yard (0.8.6.1)
    yard-rspec (0.1)
      yard

PLATFORMS
  ruby

DEPENDENCIES
  debugger
  debugger-completion
  lims-busclient (~> 0.4.0.rc1)!
  lims-core (~> 2.5.0.pre)!
  lims-laboratory-app (~> 2.5.0.pre)!
  lims-warehousebuilder!
  psd_logger!
  rspec (~> 2.8.0)
  shotgun
  timecop
  yard (>= 0.7.0)
  yard-rspec (= 0.1)
